GEM
  remote: https://rubygems.org/
  specs:
    addressable (2.5.2)
      public_suffix (>= 2.0.2, < 4.0)
    bundler-audit (0.6.0)
      bundler (~> 1.2)
      thor (~> 0.18)
    climate_control (0.2.0)
    cocaine (0.5.8)
      climate_control (>= 0.0.3, < 1.0)
    coveralls (0.8.21)
      json (>= 1.8, < 3)
      simplecov (~> 0.14.1)
      term-ansicolor (~> 1.3)
      thor (~> 0.19.4)
      tins (~> 1.6)
    diff-lcs (1.3)
    docile (1.1.5)
    hoe (3.16.1)
      rake (>= 0.8, < 13.0)
    hoe-bundler (1.3.0)
      hoe (>= 2.2.0)
    hoe-manns (1.6.2)
      bundler-audit (~> 0.5)
      parseconfig (~> 1.0)
      rainbow (~> 2.2)
    hoe-rubygems (1.0.0)
    hoe-version (1.2.0)
    json (2.1.0)
    multi_json (1.12.2)
    notifier (0.5.2)
    parseconfig (1.0.8)
    public_suffix (3.0.0)
    rainbow (2.2.2)
      rake
    rake (12.1.0)
    rdoc (5.1.0)
    rspec (3.6.0)
      rspec-core (~> 3.6.0)
      rspec-expectations (~> 3.6.0)
      rspec-mocks (~> 3.6.0)
    rspec-core (3.6.0)
      rspec-support (~> 3.6.0)
    rspec-expectations (3.6.0)
      diff-lcs (>= 1.2.0, < 2.0)
      rspec-support (~> 3.6.0)
    rspec-mocks (3.6.0)
      diff-lcs (>= 1.2.0, < 2.0)
      rspec-support (~> 3.6.0)
    rspec-support (3.6.0)
    simplecov (0.14.1)
      docile (~> 1.1.0)
      json (>= 1.8, < 3)
      simplecov-html (~> 0.10.0)
    simplecov-html (0.10.2)
    streamio-ffmpeg (3.0.2)
      multi_json (~> 1.8)
    term-ansicolor (1.6.0)
      tins (~> 1.0)
    thor (0.19.4)
    tins (1.15.0)
    xdg (2.2.3)
    youtube-dl.rb (0.3.1.2016.09.11.1)
      cocaine (>= 0.5.4)

PLATFORMS
  ruby

DEPENDENCIES
  addressable (~> 2.5)
  bundler (~> 1.15)
  coveralls (~> 0.8)
  hoe (~> 3.16)
  hoe-bundler (~> 1.3)
  hoe-manns (~> 1.6)
  hoe-rubygems (~> 1.0)
  hoe-version (~> 1.2)
  notifier (~> 0.5)
  parseconfig (~> 1.0)
  rainbow (~> 2.2)
  rake (~> 12.1)
  rdoc (~> 5.1)
  rspec (~> 3.6)
  streamio-ffmpeg (~> 3.0)
  xdg (~> 2.2)
  youtube-dl.rb (~> 0.3.1.2016)

BUNDLED WITH
   1.16.0.pre.2
