GEM
  remote: https://rubygems.org/
  specs:
    addressable (2.5.0)
      public_suffix (~> 2.0, >= 2.0.2)
    ast (2.3.0)
    bundler-audit (0.5.0)
      bundler (~> 1.2)
      thor (~> 0.18)
    climate_control (0.1.0)
    cocaine (0.5.8)
      climate_control (>= 0.0.3, < 1.0)
    coveralls (0.8.19)
      json (>= 1.8, < 3)
      simplecov (~> 0.12.0)
      term-ansicolor (~> 1.3)
      thor (~> 0.19.1)
      tins (~> 1.6)
    diff-lcs (1.3)
    docile (1.1.5)
    hoe (3.16.0)
      rake (>= 0.8, < 13.0)
    hoe-bundler (1.3.0)
      hoe (>= 2.2.0)
    hoe-git (1.6.0)
    hoe-manns (1.6.2)
      bundler-audit (~> 0.5)
      parseconfig (~> 1.0)
      rainbow (~> 2.2)
    hoe-rubocop (1.0.8)
      bundler (~> 1.14)
      rubocop (~> 0.47)
    hoe-rubygems (1.0.0)
    hoe-seattlerb (1.3.5)
    hoe-version (1.2.0)
    json (2.0.3)
    manns_shared (1.0.7)
      nokogiri (~> 1.6)
      setup (~> 5.2)
    mini_portile2 (2.1.0)
    multi_json (1.12.1)
    nokogiri (1.7.0.1)
      mini_portile2 (~> 2.1.0)
    notifier (0.5.2)
    parseconfig (1.0.8)
    parser (2.4.0.0)
      ast (~> 2.2)
    powerpack (0.1.1)
    public_suffix (2.0.5)
    rainbow (2.2.1)
    rake (12.0.0)
    rdoc (4.3.0)
    rspec (3.5.0)
      rspec-core (~> 3.5.0)
      rspec-expectations (~> 3.5.0)
      rspec-mocks (~> 3.5.0)
    rspec-core (3.5.4)
      rspec-support (~> 3.5.0)
    rspec-expectations (3.5.0)
      diff-lcs (>= 1.2.0, < 2.0)
      rspec-support (~> 3.5.0)
    rspec-mocks (3.5.0)
      diff-lcs (>= 1.2.0, < 2.0)
      rspec-support (~> 3.5.0)
    rspec-support (3.5.0)
    rubocop (0.47.1)
      parser (>= 2.3.3.1, < 3.0)
      powerpack (~> 0.1)
      rainbow (>= 1.99.1, < 3.0)
      ruby-progressbar (~> 1.7)
      unicode-display_width (~> 1.0, >= 1.0.1)
    ruby-progressbar (1.8.1)
    setup (5.2.0)
    simplecov (0.12.0)
      docile (~> 1.1.0)
      json (>= 1.8, < 3)
      simplecov-html (~> 0.10.0)
    simplecov-html (0.10.0)
    streamio-ffmpeg (3.0.2)
      multi_json (~> 1.8)
    term-ansicolor (1.4.0)
      tins (~> 1.0)
    thor (0.19.4)
    tins (1.13.2)
    unicode-display_width (1.1.3)
    xdg (2.2.3)
    youtube-dl.rb (0.3.1.2016.09.11.1)
      cocaine (>= 0.5.4)

PLATFORMS
  ruby

DEPENDENCIES
  addressable (~> 2.5)
  bundler (~> 1.14)
  coveralls (~> 0.8)
  hoe (~> 3.16)
  hoe-bundler (~> 1.3)
  hoe-git (~> 1.6)
  hoe-manns (~> 1.6)
  hoe-rubocop (~> 1.0)
  hoe-rubygems (~> 1.0)
  hoe-seattlerb (~> 1.3)
  hoe-version (~> 1.2)
  manns_shared (~> 1.0)
  notifier (~> 0.5)
  parseconfig (~> 1.0)
  rainbow (~> 2.2)
  rake (~> 12.0)
  rdoc (~> 4.0)
  rspec (~> 3.5)
  rubocop (~> 0.47)
  simplecov (~> 0.9)
  streamio-ffmpeg (~> 3.0)
  xdg (~> 2.2)
  youtube-dl.rb (~> 0.3.1.2016)

BUNDLED WITH
   1.14.5
